GEM
  remote: https://rubygems.org/
  specs:
    byebug (9.0.5)
    coderay (1.1.1)
    gitlab (3.6.1)
      httparty
      terminal-table
    httparty (0.14.0)
      multi_xml (>= 0.5.2)
    method_source (0.8.2)
    multi_xml (0.5.5)
    pry (0.10.4)
      coderay (~> 1.1.0)
      method_source (~> 0.8.1)
      slop (~> 3.4)
    pry-byebug (3.4.0)
      byebug (~> 9.0)
      pry (~> 0.10)
    slop (3.6.0)
    terminal-table (1.7.3)
      unicode-display_width (~> 1.1.1)
    unicode-display_width (1.1.1)

PLATFORMS
  ruby

DEPENDENCIES
  gitlab
  pry-byebug

BUNDLED WITH
   1.13.5
